GIT
  remote: git://github.com/middleman/middleman-blog.git
  revision: f1150cc9191a0e22f8606610b8fcd1bc3e182b52
  branch: master
  specs:
    middleman-blog (4.0.0.rc.1)
      addressable (~> 2.3.5)
      middleman-core (>= 4.0.0.rc.1)
      tzinfo (>= 0.3.0)

GIT
  remote: git://github.com/middleman/middleman-sprockets.git
  revision: 1177edb30c452211caca0a5751f59c1816320807
  branch: master
  specs:
    middleman-sprockets (4.0.0.rc.1)
      middleman-core (>= 4.0.0.rc.1)
      sprockets (~> 3.0)

GIT
  remote: git://github.com/middleman/middleman.git
  revision: ec99a7b28f6aa67ba33beb52e2d061138023823b
  branch: master
  specs:
    middleman (4.0.0.rc.2)
      coffee-script (~> 2.2)
      compass-import-once (= 1.0.5)
      haml (>= 4.0.5)
      kramdown (~> 1.2)
      middleman-cli (= 4.0.0.rc.2)
      middleman-core (= 4.0.0.rc.2)
      sass (>= 3.4.0, < 4.0)
    middleman-cli (4.0.0.rc.2)
      thor (>= 0.17.0, < 2.0)
    middleman-core (4.0.0.rc.2)
      activesupport (~> 4.2)
      addressable (~> 2.3.5)
      backports (~> 3.6)
      bundler (~> 1.1)
      capybara (~> 2.5.0)
      contracts (~> 0.12.0)
      erubis
      execjs (~> 2.0)
      fastimage (~> 1.7.0)
      hamster (~> 1.0)
      hashie (~> 3.4)
      i18n (~> 0.7.0)
      listen (~> 3.0)
      padrino-helpers (~> 0.13.0)
      rack (>= 1.4.5, < 2.0)
      sassc (>= 1.6.0)
      tilt (~> 1.4.1)
      uglifier (~> 2.6)

GIT
  remote: git://github.com/rails/turbolinks.git
  revision: 90d4132be6275edd997beeb66bf3876b0207291d
  branch: master
  specs:
    turbolinks (3.0.0)
      coffee-rails

GIT
  remote: git://github.com/thisiscapra/middleman-syntax.git
  revision: 8e5ff3690bc791ba1bcfcd7a4d56465e1369c1d7
  branch: master
  specs:
    middleman-syntax (2.0.0)
      middleman-core (~> 4.0.0.rc.2)
      rouge (~> 1.0)

GEM
  remote: https://rubygems.org/
  specs:
    actionpack (4.2.4)
      actionview (= 4.2.4)
      activesupport (= 4.2.4)
      rack (~> 1.6)
      rack-test (~> 0.6.2)
      rails-dom-testing (~> 1.0, >= 1.0.5)
      rails-html-sanitizer (~> 1.0, >= 1.0.2)
    actionview (4.2.4)
      activesupport (= 4.2.4)
      builder (~> 3.1)
      erubis (~> 2.7.0)
      rails-dom-testing (~> 1.0, >= 1.0.5)
      rails-html-sanitizer (~> 1.0, >= 1.0.2)
    activesupport (4.2.4)
      i18n (~> 0.7)
      json (~> 1.7, >= 1.7.7)
      minitest (~> 5.1)
      thread_safe (~> 0.3, >= 0.3.4)
      tzinfo (~> 1.1)
    addressable (2.3.8)
    atomic (1.1.99)
    backports (3.6.7)
    builder (3.2.2)
    capybara (2.5.0)
      mime-types (>= 1.16)
      nokogiri (>= 1.3.3)
      rack (>= 1.0.0)
      rack-test (>= 0.5.4)
      xpath (~> 2.0)
    coffee-rails (4.1.0)
      coffee-script (>= 2.2.0)
      railties (>= 4.0.0, < 5.0)
    coffee-script (2.4.1)
      coffee-script-source
      execjs
    coffee-script-source (1.9.1.1)
    compass-import-once (1.0.5)
      sass (>= 3.2, < 3.5)
    contracts (0.12.0)
    em-websocket (0.5.1)
      eventmachine (>= 0.12.9)
      http_parser.rb (~> 0.6.0)
    erubis (2.7.0)
    eventmachine (1.0.8)
    execjs (2.6.0)
    fastimage (1.7.0)
      addressable (~> 2.3, >= 2.3.5)
    ffi (1.9.10)
    haml (4.0.7)
      tilt
    hamster (1.0.0)
      atomic (~> 1.1)
    hashie (3.4.3)
    http_parser.rb (0.6.0)
    i18n (0.7.0)
    json (1.8.3)
    kramdown (1.9.0)
    listen (3.0.3)
      rb-fsevent (>= 0.9.3)
      rb-inotify (>= 0.9)
    loofah (2.0.3)
      nokogiri (>= 1.5.9)
    middleman-livereload (3.4.3)
      em-websocket (~> 0.5.1)
      middleman-core (>= 3.3)
      rack-livereload (~> 0.3.15)
    mime-types (2.6.2)
    mini_portile (0.6.2)
    minitest (5.8.2)
    nokogiri (1.6.6.2)
      mini_portile (~> 0.6.0)
    padrino-helpers (0.13.0)
      i18n (~> 0.6, >= 0.6.7)
      padrino-support (= 0.13.0)
      tilt (~> 1.4.1)
    padrino-support (0.13.0)
      activesupport (>= 3.1)
    rack (1.6.4)
    rack-livereload (0.3.16)
      rack
    rack-test (0.6.3)
      rack (>= 1.0)
    rails-deprecated_sanitizer (1.0.3)
      activesupport (>= 4.2.0.alpha)
    rails-dom-testing (1.0.7)
      activesupport (>= 4.2.0.beta, < 5.0)
      nokogiri (~> 1.6.0)
      rails-deprecated_sanitizer (>= 1.0.1)
    rails-html-sanitizer (1.0.2)
      loofah (~> 2.0)
    railties (4.2.4)
      actionpack (= 4.2.4)
      activesupport (= 4.2.4)
      rake (>= 0.8.7)
      thor (>= 0.18.1, < 2.0)
    rake (10.4.2)
    rb-fsevent (0.9.6)
    rb-inotify (0.9.5)
      ffi (>= 0.5.0)
    redcarpet (3.3.3)
    rouge (1.10.1)
    sass (3.4.19)
    sassc (1.8.1)
      bundler
      ffi (~> 1.9.6)
      sass (>= 3.3.0)
    sprockets (3.4.0)
      rack (> 1, < 3)
    thor (0.19.1)
    thread_safe (0.3.5)
    tilt (1.4.1)
    tzinfo (1.2.2)
      thread_safe (~> 0.1)
    uglifier (2.7.2)
      execjs (>= 0.3.0)
      json (>= 1.8.0)
    xpath (2.0.0)
      nokogiri (~> 1.3)

PLATFORMS
  ruby

DEPENDENCIES
  middleman!
  middleman-blog!
  middleman-livereload
  middleman-sprockets!
  middleman-syntax!
  nokogiri
  redcarpet
  turbolinks!

BUNDLED WITH
   1.10.6
